GEM
  remote: https://rubygems.org/
  specs:
    breakpoint (2.5.0)
      sass (~> 3.3)
      sassy-maps (< 1.0.0)
    sass (3.3.14)
    sassy-maps (0.4.0)
      sass (~> 3.3)
    singularitygs (1.3.0)
      breakpoint (~> 2.4)
      sass (~> 3.3)

PLATFORMS
  ruby

DEPENDENCIES
  breakpoint
  singularitygs
